NUGET
  remote: https://nuget.org/api/v2
  specs:
    Castle.Core (3.2)
    log4net (2.0.3)
    Ninject (3.2.2.0)
    Ninject.Extensions.Interception (3.2.0.0)
      Ninject (>= 3.2.0.0 < 3.3.0.0)
    Ninject.Extensions.Interception.DynamicProxy (3.2.0.0)
      Castle.Core (>= 3.2.0 < 4.0.0.0)
      Ninject.Extensions.Interception (>= 3.2.0.0 < 3.3.0.0)
